GEM
  remote: http://rubygems.org/
  specs:
    activemodel (3.0.5)
      activesupport (= 3.0.5)
      builder (~> 2.1.2)
      i18n (~> 0.4)
    activeresource (3.0.5)
      activemodel (= 3.0.5)
      activesupport (= 3.0.5)
    activesupport (3.0.5)
    builder (2.1.2)
    i18n (0.5.0)
    icalendar (1.1.5)
    lighthouse-api (2.0)
      activeresource (>= 3.0.0)
      activesupport (>= 3.0.0)
    lighthouse-ical (0.0.2)
      icalendar (>= 1.1.5)
      lighthouse-api (>= 1.1.0)
    rack (1.2.1)
    sinatra (1.0)
      rack (>= 1.0)

PLATFORMS
  ruby

DEPENDENCIES
  lighthouse-ical (= 0.0.2)
  sinatra (= 1.0)
